GEM
  remote: https://rubygems.org/
  specs:
    docx_replace (1.1.0)
      rubyzip (~> 1.1, >= 1.1.6)
    rubyzip (1.2.1)

PLATFORMS
  ruby

DEPENDENCIES
  docx_replace

BUNDLED WITH
   1.14.4
